{
	"TaskName": "imagery",
	"Manufacturer": "BioSemi",
	"PowerLineFrequency": 60.0,
	"SamplingFrequency": 512.0,
	"SoftwareFilters": "n/a",
	"RecordingDuration": 1679.998046875,
	"RecordingType": "continuous",
	"EEGReference": "CMS/DRL",
	"EEGGround": "n/a",
	"EEGPlacementScheme": "10-05 system",
	"EEGChannelCount": 64,
	"EOGChannelCount": 0,
	"ECGChannelCount": 0,
	"EMGChannelCount": 0,
	"TriggerChannelCount": 0,
	"ManufacturersModelName": "Biosemi ActiveTwo",
	"SoftwareVersions": "BCI2000 3.0.2",
	"HardwareFilters": "n/a",
	"TaskDescription": "motor imagery Trial duration: 3.0s, cue: 3.0s, imagery: 3.0s.",
	"Instructions": "Subjects were asked to imagine kinesthetic finger movements (touching index, middle, ring, and little finger to thumb within 3 seconds)",
	"CogAtlasID": "https://www.cognitiveatlas.org/task/id/trm_4c8a834779883/",
	"InstitutionName": "Gwangju Institute of Science and Technology",
	"InstitutionAddress": "123 Cheomdangwagi-ro, Buk-gu, Gwangju 61005, Korea",
	"InstitutionalDepartmentName": "School of Electrical Engineering and Computer Science",
	"CapManufacturer": "n/a",
	"CapManufacturersModelName": "n/a",
	"SubjectArtefactDescription": "n/a",
	"DeviceSerialNumber": "n/a",
	"Description": "EEG datasets for motor imagery brain-computer interface from 52 subjects with psychological and physiological questionnaire, EMG datasets, 3D EEG electrode locations, and non-task-related states",
	"MISCChannelCount": 0
}